GEM
  remote: http://rubygems.org/
  specs:
    abstract (1.0.0)
    actionmailer (3.0.0.beta2)
      actionpack (= 3.0.0.beta2)
      mail (~> 2.1.5.3)
      text-format (~> 1.0.0)
    actionpack (3.0.0.beta2)
      activemodel (= 3.0.0.beta2)
      activesupport (= 3.0.0.beta2)
      erubis (~> 2.6.5)
      rack (~> 1.1.0)
      rack-mount (~> 0.6.0)
      rack-test (~> 0.5.0)
    activemodel (3.0.0.beta2)
      activesupport (= 3.0.0.beta2)
    activerecord (3.0.0.beta2)
      activemodel (= 3.0.0.beta2)
      activesupport (= 3.0.0.beta2)
      arel (~> 0.3.3)
    activeresource (3.0.0.beta2)
      activemodel (= 3.0.0.beta2)
      activesupport (= 3.0.0.beta2)
    activesupport (3.0.0.beta2)
      builder (~> 2.1.2)
      i18n (~> 0.3.6)
      memcache-client (>= 1.7.5)
      tzinfo (~> 0.3.16)
    arel (0.3.3)
      activesupport (>= 3.0.0.beta)
    builder (2.1.2)
    erubis (2.6.6)
      abstract (>= 1.0.0)
    git (1.2.5)
    i18n (0.3.7)
    jeweler (1.8.3)
      bundler (~> 1.0)
      git (>= 1.2.5)
      rake
      rdoc
    json (1.6.6)
    mail (2.1.5.3)
      activesupport (>= 2.3.4)
      mime-types
      treetop (>= 1.4.5)
    memcache-client (1.8.5)
    mime-types (1.18)
    polyglot (0.3.3)
    rack (1.1.3)
    rack-mount (0.6.14)
      rack (>= 1.0.0)
    rack-test (0.5.7)
      rack (>= 1.0)
    rails (3.0.0.beta2)
      actionmailer (= 3.0.0.beta2)
      actionpack (= 3.0.0.beta2)
      activerecord (= 3.0.0.beta2)
      activeresource (= 3.0.0.beta2)
      activesupport (= 3.0.0.beta2)
      bundler (>= 0.9.14)
      railties (= 3.0.0.beta2)
    railties (3.0.0.beta2)
      actionpack (= 3.0.0.beta2)
      activesupport (= 3.0.0.beta2)
      rake (>= 0.8.3)
      thor (~> 0.13.4)
    rake (0.9.2.2)
    rdoc (3.12)
      json (~> 1.4)
    rspec (2.0.0.beta.5)
      rspec-core (= 2.0.0.beta.5)
      rspec-expectations (= 2.0.0.beta.5)
      rspec-mocks (= 2.0.0.beta.5)
    rspec-core (2.0.0.beta.5)
    rspec-expectations (2.0.0.beta.5)
    rspec-mocks (2.0.0.beta.5)
    sqlite3-ruby (1.2.5)
    text-format (1.0.0)
      text-hyphen (~> 1.0.0)
    text-hyphen (1.0.2)
    thor (0.13.8)
    treetop (1.4.10)
      polyglot
      polyglot (>= 0.3.1)
    tzinfo (0.3.33)

PLATFORMS
  ruby

DEPENDENCIES
  jeweler
  rails (= 3.0.0.beta2)
  rspec (= 2.0.0.beta.5)
  sqlite3-ruby (= 1.2.5)
